PATH
  remote: .
  specs:
    rspec-request_snapshot (0.7.3)
      rspec (~> 3.0)

GEM
  remote: https://rubygems.org/
  specs:
    climate_control (1.2.0)
    diff-lcs (1.3)
    docile (1.4.0)
    rake (13.1.0)
    rspec (3.9.0)
      rspec-core (~> 3.9.0)
      rspec-expectations (~> 3.9.0)
      rspec-mocks (~> 3.9.0)
    rspec-core (3.9.0)
      rspec-support (~> 3.9.0)
    rspec-expectations (3.9.0)
      diff-lcs (>= 1.2.0, < 2.0)
      rspec-support (~> 3.9.0)
    rspec-mocks (3.9.0)
      diff-lcs (>= 1.2.0, < 2.0)
      rspec-support (~> 3.9.0)
    rspec-support (3.9.0)
    simplecov (0.22.0)
      docile (~> 1.1)
      simplecov-html (~> 0.11)
      simplecov_json_formatter (~> 0.1)
    simplecov-html (0.12.3)
    simplecov_json_formatter (0.1.4)

PLATFORMS
  ruby

DEPENDENCIES
  bundler (~> 2.3)
  climate_control (~> 1.2)
  rake (~> 13.1)
  rspec-request_snapshot!
  simplecov (~> 0.22)

BUNDLED WITH
   2.3.4
