PATH
  remote: .
  specs:
    rspec-request_snapshot (0.7.1)
      rspec (~> 3.0)

GEM
  remote: https://rubygems.org/
  specs:
    climate_control (0.1.0)
    diff-lcs (1.3)
    docile (1.3.1)
    json (2.1.0)
    rake (10.5.0)
    rspec (3.8.0)
      rspec-core (~> 3.8.0)
      rspec-expectations (~> 3.8.0)
      rspec-mocks (~> 3.8.0)
    rspec-core (3.8.1)
      rspec-support (~> 3.8.0)
    rspec-expectations (3.8.4)
      diff-lcs (>= 1.2.0, < 2.0)
      rspec-support (~> 3.8.0)
    rspec-mocks (3.8.1)
      diff-lcs (>= 1.2.0, < 2.0)
      rspec-support (~> 3.8.0)
    rspec-support (3.8.2)
    simplecov (0.16.1)
      docile (~> 1.1)
      json (>= 1.8, < 3)
      simplecov-html (~> 0.10.0)
    simplecov-html (0.10.2)

PLATFORMS
  ruby

DEPENDENCIES
  bundler (~> 1.16)
  climate_control (~> 0.1.0)
  rake (~> 10.0)
  rspec-request_snapshot!
  simplecov (~> 0.16.1)

BUNDLED WITH
   1.17.3
